GIT
  remote: https://github.com/seuros/capistrano-puma.git
  revision: 2cc11846540489edda10d83e026c9bea04e6fab1
  specs:
    capistrano3-puma (6.0.0.beta.1)
      capistrano (~> 3.7)
      capistrano-bundler
      puma (>= 5.1, < 7.0)

GEM
  remote: https://rubygems.org/
  specs:
    actioncable (7.0.4.3)
      actionpack (= 7.0.4.3)
      activesupport (= 7.0.4.3)
      nio4r (~> 2.0)
      websocket-driver (>= 0.6.1)
    actionmailbox (7.0.4.3)
      actionpack (= 7.0.4.3)
      activejob (= 7.0.4.3)
      activerecord (= 7.0.4.3)
      activestorage (= 7.0.4.3)
      activesupport (= 7.0.4.3)
      mail (>= 2.7.1)
      net-imap
      net-pop
      net-smtp
    actionmailer (7.0.4.3)
      actionpack (= 7.0.4.3)
      actionview (= 7.0.4.3)
      activejob (= 7.0.4.3)
      activesupport (= 7.0.4.3)
      mail (~> 2.5, >= 2.5.4)
      net-imap
      net-pop
      net-smtp
      rails-dom-testing (~> 2.0)
    actionpack (7.0.4.3)
      actionview (= 7.0.4.3)
      activesupport (= 7.0.4.3)
      rack (~> 2.0, >= 2.2.0)
      rack-test (>= 0.6.3)
      rails-dom-testing (~> 2.0)
      rails-html-sanitizer (~> 1.0, >= 1.2.0)
    actiontext (7.0.4.3)
      actionpack (= 7.0.4.3)
      activerecord (= 7.0.4.3)
      activestorage (= 7.0.4.3)
      activesupport (= 7.0.4.3)
      globalid (>= 0.6.0)
      nokogiri (>= 1.8.5)
    actionview (7.0.4.3)
      activesupport (= 7.0.4.3)
      builder (~> 3.1)
      erubi (~> 1.4)
      rails-dom-testing (~> 2.0)
      rails-html-sanitizer (~> 1.1, >= 1.2.0)
    activejob (7.0.4.3)
      activesupport (= 7.0.4.3)
      globalid (>= 0.3.6)
    activemodel (7.0.4.3)
      activesupport (= 7.0.4.3)
    activerecord (7.0.4.3)
      activemodel (= 7.0.4.3)
      activesupport (= 7.0.4.3)
    activestorage (7.0.4.3)
      actionpack (= 7.0.4.3)
      activejob (= 7.0.4.3)
      activerecord (= 7.0.4.3)
      activesupport (= 7.0.4.3)
      marcel (~> 1.0)
      mini_mime (>= 1.1.0)
    activesupport (7.0.4.3)
      concurrent-ruby (~> 1.0, >= 1.0.2)
      i18n (>= 1.6, < 2)
      minitest (>= 5.1)
      tzinfo (~> 2.0)
    airbrussh (1.4.1)
      sshkit (>= 1.6.1, != 1.7.0)
    bcrypt_pbkdf (1.0.1)
    bootsnap (1.16.0)
      msgpack (~> 1.2)
    builder (3.2.4)
    byebug (11.1.3)
    capistrano (3.17.1)
      airbrussh (>= 1.0.0)
      i18n
      rake (>= 10.0.0)
      sshkit (>= 1.9.0)
    capistrano-bundler (2.1.0)
      capistrano (~> 3.1)
    capistrano-rails (1.6.2)
      capistrano (~> 3.1)
      capistrano-bundler (>= 1.1, < 3)
    capistrano-rvm (0.1.2)
      capistrano (~> 3.0)
      sshkit (~> 1.2)
    coderay (1.1.3)
    concurrent-ruby (1.2.2)
    config (4.0.0)
      deep_merge (~> 1.2, >= 1.2.1)
      dry-validation (~> 1.0, >= 1.0.0)
    connection_pool (2.3.0)
    crass (1.0.6)
    date (3.3.3)
    debug (1.7.2)
      irb (>= 1.5.0)
      reline (>= 0.3.1)
    deep_merge (1.2.2)
    dry-configurable (0.13.0)
      concurrent-ruby (~> 1.0)
      dry-core (~> 0.6)
    dry-container (0.9.0)
      concurrent-ruby (~> 1.0)
      dry-configurable (~> 0.13, >= 0.13.0)
    dry-core (0.7.1)
      concurrent-ruby (~> 1.0)
    dry-inflector (0.2.1)
    dry-initializer (3.0.4)
    dry-logic (1.2.0)
      concurrent-ruby (~> 1.0)
      dry-core (~> 0.5, >= 0.5)
    dry-schema (1.8.0)
      concurrent-ruby (~> 1.0)
      dry-configurable (~> 0.13, >= 0.13.0)
      dry-core (~> 0.5, >= 0.5)
      dry-initializer (~> 3.0)
      dry-logic (~> 1.0)
      dry-types (~> 1.5)
    dry-types (1.5.1)
      concurrent-ruby (~> 1.0)
      dry-container (~> 0.3)
      dry-core (~> 0.5, >= 0.5)
      dry-inflector (~> 0.1, >= 0.1.2)
      dry-logic (~> 1.0, >= 1.0.2)
    dry-validation (1.7.0)
      concurrent-ruby (~> 1.0)
      dry-container (~> 0.7, >= 0.7.1)
      dry-core (~> 0.5, >= 0.5)
      dry-initializer (~> 3.0)
      dry-schema (~> 1.8, >= 1.8.0)
    ed25519 (1.2.4)
    erubi (1.12.0)
    et-orbi (1.2.7)
      tzinfo
    fugit (1.8.1)
      et-orbi (~> 1, >= 1.2.7)
      raabro (~> 1.4)
    globalid (1.1.0)
      activesupport (>= 5.0)
    i18n (1.12.0)
      concurrent-ruby (~> 1.0)
    io-console (0.6.0)
    irb (1.6.4)
      reline (>= 0.3.0)
    loofah (2.20.0)
      crass (~> 1.0.2)
      nokogiri (>= 1.5.9)
    mail (2.8.1)
      mini_mime (>= 0.1.1)
      net-imap
      net-pop
      net-smtp
    marcel (1.0.2)
    method_source (1.0.0)
    mini_mime (1.1.2)
    minitest (5.18.0)
    msgpack (1.7.0)
    mysql2 (0.5.5)
    net-imap (0.3.4)
      date
      net-protocol
    net-pop (0.1.2)
      net-protocol
    net-protocol (0.2.1)
      timeout
    net-scp (4.0.0)
      net-ssh (>= 2.6.5, < 8.0.0)
    net-smtp (0.3.3)
      net-protocol
    net-ssh (7.1.0)
    nio4r (2.5.9)
    nokogiri (1.14.3-x86_64-darwin)
      racc (~> 1.4)
    nokogiri (1.14.3-x86_64-linux)
      racc (~> 1.4)
    pry (0.13.1)
      coderay (~> 1.1)
      method_source (~> 1.0)
    pry-byebug (3.9.0)
      byebug (~> 11.0)
      pry (~> 0.13.0)
    pry-rails (0.3.9)
      pry (>= 0.10.4)
    puma (6.2.1)
      nio4r (~> 2.0)
    raabro (1.4.0)
    racc (1.6.2)
    rack (2.2.6.4)
    rack-test (2.1.0)
      rack (>= 1.3)
    rails (7.0.4.3)
      actioncable (= 7.0.4.3)
      actionmailbox (= 7.0.4.3)
      actionmailer (= 7.0.4.3)
      actionpack (= 7.0.4.3)
      actiontext (= 7.0.4.3)
      actionview (= 7.0.4.3)
      activejob (= 7.0.4.3)
      activemodel (= 7.0.4.3)
      activerecord (= 7.0.4.3)
      activestorage (= 7.0.4.3)
      activesupport (= 7.0.4.3)
      bundler (>= 1.15.0)
      railties (= 7.0.4.3)
    rails-dom-testing (2.0.3)
      activesupport (>= 4.2.0)
      nokogiri (>= 1.6)
    rails-html-sanitizer (1.5.0)
      loofah (~> 2.19, >= 2.19.1)
    railties (7.0.4.3)
      actionpack (= 7.0.4.3)
      activesupport (= 7.0.4.3)
      method_source
      rake (>= 12.2)
      thor (~> 1.0)
      zeitwerk (~> 2.5)
    rake (13.0.6)
    redis (5.0.6)
      redis-client (>= 0.9.0)
    redis-actionpack (5.3.0)
      actionpack (>= 5, < 8)
      redis-rack (>= 2.1.0, < 3)
      redis-store (>= 1.1.0, < 2)
    redis-activesupport (5.3.0)
      activesupport (>= 3, < 8)
      redis-store (>= 1.3, < 2)
    redis-client (0.11.2)
      connection_pool
    redis-namespace (1.8.1)
      redis (>= 3.0.4)
    redis-rack (2.1.4)
      rack (>= 2.0.8, < 3)
      redis-store (>= 1.2, < 2)
    redis-rails (5.0.2)
      redis-actionpack (>= 5.0, < 6)
      redis-activesupport (>= 5.0, < 6)
      redis-store (>= 1.2, < 2)
    redis-store (1.9.2)
      redis (>= 4, < 6)
    reline (0.3.3)
      io-console (~> 0.5)
    sidekiq (6.5.5)
      connection_pool (>= 2.2.2)
      rack (~> 2.0)
      redis (>= 4.5.0)
    sidekiq-cron (1.10.0)
      fugit (~> 1.8)
      globalid (>= 1.0.1)
      sidekiq (>= 6)
    sshkit (1.21.4)
      net-scp (>= 1.1.2)
      net-ssh (>= 2.8.0)
    thor (1.2.1)
    timeout (0.3.2)
    tzinfo (2.0.6)
      concurrent-ruby (~> 1.0)
    websocket-driver (0.7.5)
      websocket-extensions (>= 0.1.0)
    websocket-extensions (0.1.5)
    zeitwerk (2.6.7)

PLATFORMS
  x86_64-darwin-21
  x86_64-linux

DEPENDENCIES
  bcrypt_pbkdf (>= 1.0, < 2.0)
  bootsnap
  byebug
  capistrano (~> 3.17)
  capistrano-bundler
  capistrano-rails
  capistrano-rvm
  capistrano3-puma!
  config
  debug
  ed25519 (>= 1.2, < 2.0)
  mysql2 (~> 0.5)
  pry-byebug
  pry-rails
  puma (~> 6.2)
  rails (~> 7.0.4)
  redis (~> 5.0)
  redis-namespace
  redis-rails
  sidekiq (< 7)
  sidekiq-cron
  tzinfo-data

RUBY VERSION
   ruby 2.7.6p219

BUNDLED WITH
   2.3.24
